GEM
  remote: https://rubygems.org/
  specs:
    puma (3.12.0)
    rack (2.0.6)
    redis (4.1.0)

PLATFORMS
  ruby

DEPENDENCIES
  puma
  rack (~> 2.0)
  redis

BUNDLED WITH
   2.0.1
